GIT
  remote: git://github.com/kainosnoema/rack-lineprof.git
  revision: b625eb7e64ac6e9c652c03be7fb9687400885a57
  specs:
    rack-lineprof (0.0.3)
      rack (>= 1.5)
      rblineprof (~> 0.3.6)
      term-ansicolor (~> 1.3)

GEM
  remote: https://rubygems.org/
  specs:
    backports (3.9.1)
    debugger-ruby_core_source (1.3.8)
    multi_json (1.12.2)
    mustermann (1.0.1)
    mysql2 (0.4.9)
    puma (3.10.0)
    rack (2.0.3)
    rack-protection (2.0.0)
      rack
    rblineprof (0.3.7)
      debugger-ruby_core_source (~> 1.3)
    sinatra (2.0.0)
      mustermann (~> 1.0)
      rack (~> 2.0)
      rack-protection (= 2.0.0)
      tilt (~> 2.0)
    sinatra-contrib (2.0.0)
      backports (>= 2.0)
      multi_json
      mustermann (~> 1.0)
      rack-protection (= 2.0.0)
      sinatra (= 2.0.0)
      tilt (>= 1.3, < 3)
    term-ansicolor (1.6.0)
      tins (~> 1.0)
    tilt (2.0.8)
    tins (1.15.0)

PLATFORMS
  ruby

DEPENDENCIES
  mysql2
  puma
  rack-lineprof!
  sinatra
  sinatra-contrib

BUNDLED WITH
   1.15.4
